GEM
  remote: https://rubygems.org/
  specs:
    byebug (11.0.1)
    coderay (1.1.2)
    method_source (0.9.2)
    phonetics (3.0.6)
    priority_queue_cxx (0.3.4)
    pry (0.12.2)
      coderay (~> 1.1.0)
      method_source (~> 0.9.0)
    pry-byebug (3.7.0)
      byebug (~> 11.0)
      pry (~> 0.10)

PLATFORMS
  ruby

DEPENDENCIES
  phonetics (>= 3.0.6)
  priority_queue_cxx
  pry-byebug

BUNDLED WITH
   2.1.2
